GEM
  remote: https://rubygems.org/
  specs:
    deep_merge (1.1.1)
    diff-lcs (1.3)
    json (2.1.0)
    rake (12.0.0)
    rspec (3.6.0)
      rspec-core (~> 3.6.0)
      rspec-expectations (~> 3.6.0)
      rspec-mocks (~> 3.6.0)
    rspec-core (3.6.0)
      rspec-support (~> 3.6.0)
    rspec-expectations (3.6.0)
      diff-lcs (>= 1.2.0, < 2.0)
      rspec-support (~> 3.6.0)
    rspec-mocks (3.6.0)
      diff-lcs (>= 1.2.0, < 2.0)
      rspec-support (~> 3.6.0)
    rspec-support (3.6.0)

PLATFORMS
  ruby

DEPENDENCIES
  deep_merge (~> 1.1, >= 1.1.1)
  json (~> 2.1)
  rake (~> 12.0)
  rspec (~> 3.0)

BUNDLED WITH
   1.15.0
